{
   "AcquisitionTime": "121316.000000",
   "BaseResolution": 128,
   "BodyPartExamined": "BRAIN",
   "ConsistencyInfo": "N4_VE11P_LATEST_20161021",
   "ConversionSoftware": "dcm2niix",
   "ConversionSoftwareVersion": "v1.0.20190410  GCC6.3.0",
   "DeviceSerialNumber": "51066",
   "DoseCalibrationFactor": 19144900.0,
   "ImageComments": "PET_AC",
   "ImageOrientationPatientDICOM": [
      1,
      0,
      0,
      0,
      1,
      0
   ],
   "ImageType": [
      "ORIGINAL",
      "PRIMARY",
      "DYNAMIC",
      "AC"
   ],
   "InstitutionAddress": "Blackburn_Road_770_Clayton_Victoria_AU_3168",
   "InstitutionName": "Monash Biomedical Imaging",
   "InstitutionalDepartmentName": "Department",
   "Manufacturer": "SIEMENS",
   "ManufacturersModelName": "Biograph_mMR",
   "Modality": "PT",
   "PartialFourier": 1,
   "PatientPosition": "HFS",
   "PhaseResolution": 1,
   "ProcedureStepDescription": "MR-PET_Scan",
   "ProtocolName": "_1min_dynamic_PRR_AC_Images",
   "PulseSequenceDetails": "%SiemensSeq%_PetAcquisition",
   "RadionuclideHalfLife": 6586.2,
   "RadionuclidePositronFraction": 0.97,
   "RadionuclideTotalDose": 100000000.0,
   "ReceiveCoilActiveElements": "HEA;HEP;NEP",
   "ReceiveCoilName": "HeadNeck_MRPET",
   "ReconMatrixPE": 344,
   "SeriesDescription": "_1min_dynamic_PRR_AC_Images",
   "SeriesNumber": 40004,
   "SliceThickness": 2.03125,
   "SoftwareVersions": "syngo MR E11",
   "StationName": "MRC51066",
   "TaskName": "vis",
   "TxRefAmp": 351.25,
   "AcquisitionDate": "20170706",
   "SeriesTime": "121316.000000",
   "ImagePosition(Patient)": [
      -239.39916099,
      -238.20055994,
      9.18352995
   ],
   "ImageOrientation(Patient)": [
      1.0,
      0.0,
      0.0,
      0.0,
      1.0,
      0.0
   ],
   "Radiopharmaceutical": "Fluorodeoxyglucose",
   "RadiopharmaceuticalStartTime": "111048.000000",
   "CodeValue": "C-111A1",
   "NumberofSlices": 127,
   "NumberofTimeSlices": 95,
   "CountsSource": "EMISSION",
   "RandomsCorrectionMethod": "DLYD",
   "AttenuationCorrectionMethod": "measured",
   "DecayCorrection": "START",
   "ReconstructionMethod": "OP-OSEM3i21s",
   "ScatterCorrectionMethod": "Model-based",
   "AxialAcceptance": 60.0,
   "AxialMash": [
      5,
      6
   ],
   "DecayFactor": 1.00311,
   "ScatterFractionFactor": 6.00451,
   "ScanDate": "2017:07:06",
   "TimeZero": "12:13:13",
   "ScanStart": 3.0,
   "InjectionStart": 0
}