{
  "AcquisitionTime": "10:50:57.000000",
  "BaseResolution": 192,
  "ConversionSoftware": "dcm2niix",
  "ConversionSoftwareVersion": "v1.0.20190410  GCC6.3.0",
  "DeviceSerialNumber": "51066",
  "DoseCalibrationFactor": 1,
  "ImageComments": "PET_AC",
  "ImageOrientationPatientDICOM": [1, 0, 0, 0, 1, 0],
  "ImageType": [
    "ORIGINAL",
    "PRIMARY",
    "STATIC",
    "AC"
],
  "InstitutionAddress": "Blackburn_Road_770_Clayton_Victoria_AU_3168",
  "InstitutionName": "Monash_Biomedical_Imaging",
  "InstitutionalDepartmentName": "Department",
  "Manufacturer": "Siemens",
  "ManufacturersModelName": "Biograph_mMR",
  "Modality": "PT",
  "PartialFourier": 1,
  "PatientPosition": "HFS",
  "PhaseResolution": 1,
  "ProcedureStepDescription": "MR-PET_Scan",
  "ProtocolName": "Head_MRAC_PET_UTE",
  "PulseSequenceDetails": "%SiemensSeq%_CV_UTE_AC",
  "RadionuclideHalfLife": 6586.2,
  "RadionuclidePositronFraction": 0.97,
  "ReceiveCoilName": "HeadNeck_MRPET",
  "ReconMatrixPE": 344,
  "SeriesDescription": "_Head_MRAC_PET_UTE_AC_Images",
  "SeriesNumber": 29,
  "ShimSetting": [-8316, -946, -4066, -193, -328, 383, -143, -237],
  "SliceThickness": 2.03125,
  "SoftwareVersions": "syngo_MR_B20P",
  "StationName": "MRC51066",
  "TxRefAmp": 302.66,
  "dcmmeta_affine": [
    [-1.3908400535583496, 0.0, 0.0, 239.02821350097656],
    [0.0, 1.3908400535583496, 0.0, -236.75938415527344],
    [0.0, 0.0, 2.0313000679016113, -138.22068786621094],
    [0.0, 0.0, 0.0, 1.0]
],
  "dcmmeta_reorient_transform": [
    [0.0, -1.0, 0.0, 343.0],
    [1.0, 0.0, 0.0, 0.0],
    [0.0, 0.0, -1.0, 126.0],
    [0.0, 0.0, 0.0, 1.0]
],
  "dcmmeta_shape": [344, 344, 127],
  "dcmmeta_slice_dim": 2,
  "dcmmeta_version": 0.6,
  "global": {
    "const": {
      "AcquisitionTime": "105057.000000",
      "ActualFrameDuration": 5460000,
      "Allergies": "None",
      "AttenuationCorrectionMethod": "measured",
      "AxialAcceptance": 60.0,
      "AxialMash": [5, 6],
      "BitsAllocated": 16,
      "BitsStored": 16,
      "CollimatorType": "NONE",
      "Columns": 344,
      "ConvolutionKernel": "XYZGAUSSIAN2.00",
      "CorrectedImage": [
        "NORM",
        "DTIM",
        "ATTN",
 "3SCAT",
        "RELSC",
        "DECY",
        "FLEN",
        "RANSM",
        "XYSM",
        "ZSM"
],
      "CountsSource": "EMISSION",
      "DecayCorrection": "START",
      "DecayFactor": 1.31468,
      "DetectorLinesOfResponseUsed": "DESCRIPTION",
      "DoseCalibrationFactor": 1.0,
      "EnergyWindowRangeSequence": [
        {
          "EnergyWindowLowerLimit": 430.0,
          "EnergyWindowUpperLimit": 610.0}
],
      "FrameReferenceTime": 2599631.0461263,
      "HighBit": 15,
      "ImageOrientationPatient": [1.0, 0.0, 0.0, 0.0, 1.0, 0.0],
      "ImageType": [
        "ORIGINAL",
        "PRIMARY",
        "STATIC",
        "AC"
],
      "ImagesInAcquisition": 127,
      "Manufacturer": "SIEMENS",
      "ManufacturerModelName": "Biograph_mMR",
      "MedicalAlerts": "None",
      "Modality": "PT",
      "NumberOfSlices": 127,
      "PerformedProcedureStepStartTime": "104317.476000",
      "PhotometricInterpretation": "MONOCHROME2",
      "PixelRepresentation": 0,
      "PixelSpacing": [1.39084, 1.39084],
      "PregnancyStatus": 4,
      "ProtocolName": "Head_MRAC PET UTE",
      "RadiopharmaceuticalInformationSequence": [
        {
          "RadionuclideCodeSequence": [
            {
              "CodeMeaning": "^18^Fluorine",
              "CodeValue": "C-111A1",
              "CodingSchemeDesignator": "SRT"
            }
],
          "RadionuclideHalfLife": 6586.2,
          "RadionuclidePositronFraction": 0.97,
          "RadionuclideTotalDose": 0.0,
          "Radiopharmaceutical": "Fluorodeoxyglucose",
          "RadiopharmaceuticalStartTime": "121731.000000",
          "RadiopharmaceuticalVolume": 0.0}
],
      "RandomsCorrectionMethod": "DLYD",
      "ReconstructionMethod": "PSF-OP-OSEM3i21s",
      "RelatedSeriesSequence": [
        {
          "PurposeOfReferenceCodeSequence": [],
          "SeriesInstanceUID": "1.3.12.2.1107.5.2.38.51066.2016072810503527026015794.0.0.0",
          "StudyInstanceUID": "1.2.826.0.1.3680043.8.498.5727734700869419139440246"}
],
      "RequestAttributesSequence": [
        {
          "RequestedProcedureID": "MMH001",
          "ScheduledProcedureStepDescription": "MR-PET Scan",
          "ScheduledProcedureStepID": "001"}
],
      "RescaleIntercept": 0.0,
      "RescaleSlope": 0.16864528336436,
      "RescaleType": "US",
      "Rows": 344,
      "SamplesPerPixel": 1,
      "ScatterCorrectionMethod": "Model-based",
      "ScatterFractionFactor": 29.2189,
      "SeriesDescription": "*Head_MRAC PET UTE_AC Images",
      "SeriesNumber": 29,
      "SeriesTime": "105057.000000",
      "SeriesType": [
        "WHOLE BODY",
        "IMAGE"
],
      "SliceThickness": 2.03125,
      "SmallestImagePixelValue": 0,
      "SoftwareVersions": "syngo MR B20P",
      "SpecificCharacterSet": "ISO_IR 100",
      "StudyID": "MMH001",
      "StudyTime": "104317.398000",
      "TimeOfLastCalibration": "092041.000000",
      "Units": "BQML",
      "WindowCenterWidthExplanation": "Algo1"
    },
