{
  "AcquisitionMatrixPE": 64,
  "AcquisitionNumber": 1,
  "AcquisitionTime": "14:02:44.442500",
  "BaseResolution": 64,
  "CoilString": "C:HEA;HEP;NEP",
  "ConversionSoftware": "dcm2niix",
  "ConversionSoftwareVersion": "v1.0.20190410  GCC6.3.0",
  "DeviceSerialNumber": "51066",
  "DwellTime": 3e-05,
  "EchoNumber": 2,
  "EchoTime": 0.00738,
  "FlipAngle": 60,
  "ImageOrientationPatientDICOM": [
    0.999953,
    0.00191665,
    -0.00950408,
    2.03963e-10,
    0.980265,
    0.197686
  ],
  "ImageType": [
    "ORIGINAL",
    "PRIMARY",
    "M",
    "ND",
    "NORM"
  ],
  "ImagingFrequency": 123.24,
  "InPlanePhaseEncodingDirectionDICOM": "ROW",
  "InstitutionAddress": "Blackburn_Road_770_Clayton_Victoria_AU_3168",
  "InstitutionName": "Monash_Biomedical_Imaging",
  "InstitutionalDepartmentName": "Department",
  "MRAcquisitionType": "2D",
  "MagneticFieldStrength": 3,
  "Manufacturer": "Siemens",
  "ManufacturersModelName": "Biograph_mMR",
  "Modality": "MR",
  "PartialFourier": 1,
  "PatientPosition": "HFS",
  "PercentPhaseFOV": 100,
  "PhaseEncodingDirection": "i",
  "PhaseEncodingSteps": 64,
  "PhaseResolution": 1,
  "PixelBandwidth": 260,
  "ProcedureStepDescription": "MR-PET_Scan",
  "ProtocolName": "gre_field_mapping",
  "PulseSequenceDetails": "%SiemensSeq%_gre_field_mapping",
  "ReceiveCoilName": "HeadNeck_MRPET",
  "ReconMatrixPE": 64,
  "RepetitionTime": 0.466,
  "SAR": 0.0999357,
  "ScanningSequence": "GR",
  "SequenceName": "_fm2d2r",
  "SequenceVariant": "SP",
  "SeriesDescription": "gre_field_mapping",
  "SeriesNumber": 12,
  "ShimSetting": [
    -8350,
    -1036,
    -3979,
    495,
    -286,
    -249,
    -119,
    -303
  ],
  "SliceThickness": 3,
  "SliceTiming": [
    0.000705,
    -0.001,
    -0.001,
    -0.001,
    -0.001,
    -0.001,
    -0.001,
    -0.001,
    -0.001,
    -0.001,
    -0.001,
    -0.001,
    -0.001,
    -0.001,
    -0.001,
    -0.001,
    -0.001,
    -0.001,
    -0.001,
    -0.001,
    -0.001,
    -0.001,
    -0.001,
    -0.001,
    -0.001,
    -0.001,
    -0.001,
    -0.001,
    -0.001,
    -0.001,
    -0.001,
    -0.001,
    -0.001,
    -0.001,
    -0.001,
    -0.001,
    -0.001,
    -0.001,
    -0.001,
    -0.001,
    -0.001,
    -0.001,
    -0.001,
    -0.001
  ],
  "SoftwareVersions": "syngo_MR_B20P",
  "SpacingBetweenSlices": 3,
  "StationName": "MRC51066",
  "TxRefAmp": 296.372
}