{
  "AcquisitionMatrixPE": 79,
  "AcquisitionNumber": 1,
  "AcquisitionTime": "11:44:3.102500",
  "BaseResolution": 192,
  "BodyPartExamined": "BRAIN",
  "ConsistencyInfo": "N4_VE11P_LATEST_20161021",
  "ConversionSoftware": "dcm2niix",
  "ConversionSoftwareVersion": "v1.0.20190410  GCC6.3.0",
  "DeviceSerialNumber": "51066",
  "DwellTime": 2.7e-06,
  "EchoNumber": 2,
  "EchoTime": 0.00246,
  "EchoTrainLength": 2,
  "FlipAngle": 10,
  "ImageComments": "G:HD35.00",
  "ImageOrientationPatientDICOM": [1, 0, 0, 0, 0, -1],
  "ImageType": [
    "ORIGINAL",
    "PRIMARY",
    "M",
    "NORM",
    "IN",
    "PHASE",
    "DIS3D",
    "DIS2D"
],
  "ImagingFrequency": 123.24,
  "InPlanePhaseEncodingDirectionDICOM": "COL",
  "InstitutionAddress": "Blackburn_Road_770_Clayton_Victoria_AU_3168",
  "InstitutionName": "MONASH_BIOMEDICAL_IMAGING",
  "InstitutionalDepartmentName": "Department",
  "MRAcquisitionType": "3D",
  "MagneticFieldStrength": 3,
  "Manufacturer": "Siemens",
  "ManufacturersModelName": "Biograph_mMR",
  "Modality": "MR",
  "PartialFourier": 0.75,
  "PatientPosition": "HFS",
  "PercentPhaseFOV": 65.625,
  "PhaseEncodingSteps": 119,
  "PhaseOversampling": 1,
  "PhaseResolution": 0.63,
  "PixelBandwidth": 965,
  "ProcedureStepDescription": "MR-PET_Scan",
  "ProtocolName": "Head_MRAC_PET_DIXON",
  "PulseSequenceDetails": "%SiemensSeq%_fl3d_vibe_AC",
  "ReceiveCoilActiveElements": "HEA;HEP;NEP",
  "ReceiveCoilName": "HeadNeck_MRPET",
  "ReconMatrixPE": 126,
  "RepetitionTime": 0.0036,
  "SAR": 0.0354416,
  "ScanOptions": "PFP",
  "ScanningSequence": "GR",
  "SequenceName": "_fl3d2_ns",
  "SequenceVariant": "SP_OSP",
  "SeriesDescription": "Head_MRAC_PET_DIXON_in",
  "SeriesNumber": 37,
  "ShimSetting": [-8314, -725, -3747, 160, -267, 329, -1209, -151],
  "SliceThickness": 2.34,
  "SoftwareVersions": "syngo_MR_E11",
  "StationName": "MRC51066",
  "TxRefAmp": 321.4,
  "dcmmeta_affine": [
    [2.3438000679016113, 0.0, 0.0, -222.66099548339844],
    [0.0, 2.3399999141693115, 0.0, -122.94852447509766],
    [0.0, 0.0, 2.3438000679016113, -145.3155975341797],
    [0.0, 0.0, 0.0, 1.0]
],
  "dcmmeta_reorient_transform": [
    [0.0, 0.0, -1.0, 125.0],
    [-1.0, 0.0, 0.0, 191.0],
    [0.0, 1.0, 0.0, 0.0],
    [0.0, 0.0, 0.0, 1.0]
],
  "dcmmeta_shape": [192, 128, 126],
  "dcmmeta_slice_dim": 1,
  "dcmmeta_version": 0.6,
  "global": {
    "const": {
      "AcquisitionMatrix": [192, 0, 0, 79],
      "AcquisitionNumber": 1,
      "AcquisitionTime": "114403.102500",
      "Allergies": "None",
      "AngioFlag": "N",
      "BitsAllocated": 16,
      "BitsStored": 12,
      "BodyPartExamined": "BRAIN",
      "Columns": 192,
      "EchoNumbers": 2,
      "EchoTime": 2.46,
      "EchoTrainLength": 2,
      "FlipAngle": 10.0,
      "HighBit": 11,
      "ImageOrientationPatient": [1.0, 0.0, 0.0, 0.0, 0.0, -1.0],
      "ImageType": [
        "ORIGINAL",
        "PRIMARY",
        "M",
        "NORM",
        "IN_PHASE",
        "DIS3D",
        "DIS2D"
],
      "ImagedNucleus": "1H",
      "ImagingFrequency": 123.239713,
      "InPlanePhaseEncodingDirection": "COL",
      "MRAcquisitionType": "3D",
      "MagneticFieldStrength": 3.0,
      "Manufacturer": "SIEMENS",
      "ManufacturerModelName": "Biograph_mMR",
      "MedicalAlerts": "None",
      "Modality": "MR",
      "NumberOfAverages": 1.0,
      "NumberOfPhaseEncodingSteps": 119,
      "PercentPhaseFieldOfView": 65.625,
      "PercentSampling": 63.0,
      "PerformedProcedureStepStartTime": "100028.040000",
      "PhotometricInterpretation": "MONOCHROME2",
      "PixelBandwidth": 965.0,
      "PixelRepresentation": 0,
      "PixelSpacing": [2.3438, 2.3438],
      "PregnancyStatus": 4,
      "ProtocolName": "Head_MRAC_PET DIXON",
      "RepetitionTime": 3.6,
      "RequestAttributesSequence": [
        {
          "RequestedProcedureID": "MMH001",
          "ScheduledProcedureStepDescription": "MR-PET Scan",
          "ScheduledProcedureStepID": "001"}
],
      "Rows": 126,
      "SAR": 0.03544156048028,
      "SamplesPerPixel": 1,
      "ScanOptions": "PFP",
      "ScanningSequence": "GR",
      "SequenceName": "*fl3d2_ns",
      "SequenceVariant": [
        "SP",
        "OSP"
],
      "SeriesDescription": "Head_MRAC_PET DIXON_in",
      "SeriesNumber": 37,
      "SeriesTime": "115043.776000",
      "SliceThickness": 2.3399999141693,
      "SmallestImagePixelValue": 0,
      "SoftwareVersions": "syngo MR E11",
      "SpecificCharacterSet": "ISO_IR 100",
      "StudyID": "MMH001",
      "StudyTime": "100027.870000",
      "TransmitCoilName": "Body",
      "VariableFlipAngleFlag": "N",
      "WindowCenterWidthExplanation": "Algo1",
      "dBdt": 0.0},
