{
  "AcquisitionMatrixPE": 90,
  "AcquisitionNumber": 1,
  "AcquisitionTime": "11:41:37.565000",
  "BaseResolution": 192,
  "BodyPartExamined": "BRAIN",
  "ConsistencyInfo": "N4_VE11P_LATEST_20161021",
  "ConversionSoftware": "dcm2niix",
  "ConversionSoftwareVersion": "v1.0.20190410  GCC6.3.0",
  "DeviceSerialNumber": "51066",
  "DwellTime": 2e-06,
  "EchoTime": 0.00123,
  "EchoTrainLength": 2,
  "FlipAngle": 9,
  "ImageOrientationPatientDICOM": [1, 0, 0, 0, 0, -1],
  "ImageType": [
    "ORIGINAL",
    "PRIMARY",
    "M",
    "NORM",
    "OUT",
    "PHASE",
    "DIS3D",
    "DIS2D"
],
  "ImagingFrequency": 123.24,
  "InPlanePhaseEncodingDirectionDICOM": "COL",
  "InstitutionAddress": "Blackburn_Road_770_Clayton_Victoria_AU_3168",
  "InstitutionName": "MONASH_BIOMEDICAL_IMAGING",
  "InstitutionalDepartmentName": "Department",
  "MRAcquisitionType": "3D",
  "MagneticFieldStrength": 3,
  "Manufacturer": "Siemens",
  "ManufacturersModelName": "Biograph_mMR",
  "Modality": "MR",
  "PartialFourier": 0.875,
  "PatientPosition": "HFS",
  "PercentPhaseFOV": 62.5,
  "PhaseEncodingSteps": 110,
  "PhaseOversampling": 0.4,
  "PhaseResolution": 0.75,
  "PixelBandwidth": 1300,
  "ProcedureStepDescription": "MR-PET_Scan",
  "ProtocolName": "MRAC_DIXON",
  "PulseSequenceDetails": "%SiemensSeq%_fl3d_vibe_AC",
  "ReceiveCoilActiveElements": "HEA;HEP;NEP",
  "ReceiveCoilName": "HeadNeck_MRPET",
  "ReconMatrixPE": 120,
  "RefLinesPE": 24,
  "RepetitionTime": 0.00396,
  "SAR": 0.0823862,
  "ScanOptions": "PFP",
  "ScanningSequence": "GR",
  "SequenceName": "_fl3d2",
  "SequenceVariant": "SP_OSP",
  "SeriesDescription": "MRAC_DIXON_opp",
  "SeriesNumber": 28,
  "ShimSetting": [-8313, -735, -3746, 142, -226, 190, -1233, -192],
  "SliceThickness": 3.12,
  "SoftwareVersions": "syngo_MR_E11",
  "StationName": "MRC51066",
  "TxRefAmp": 321.4,
  "dcmmeta_affine": [
    [2.6041998863220215, 0.0, 0.0, -247.3990020751953],
    [0.0, 3.120000123977661, 0.0, -198.12001037597656],
    [0.0, 0.0, 2.6041998863220215, -153.64779663085938],
    [0.0, 0.0, 0.0, 1.0]
],
  "dcmmeta_reorient_transform": [
    [0.0, 0.0, -1.0, 119.0],
    [-1.0, 0.0, 0.0, 191.0],
    [0.0, 1.0, 0.0, 0.0],
    [0.0, 0.0, 0.0, 1.0]
],
  "dcmmeta_shape": [192, 128, 120],
  "dcmmeta_slice_dim": 1,
  "dcmmeta_version": 0.6,
  "global": {
    "const": {
      "AcquisitionMatrix": [192, 0, 0, 90],
      "AcquisitionNumber": 1,
      "AcquisitionTime": "114137.565000",
      "Allergies": "None",
      "AngioFlag": "N",
      "BitsAllocated": 16,
      "BitsStored": 12,
      "BodyPartExamined": "BRAIN",
      "Columns": 192,
      "EchoNumbers": 1,
      "EchoTime": 1.23,
      "EchoTrainLength": 2,
      "FlipAngle": 9.0,
      "HighBit": 11,
      "ImageOrientationPatient": [1.0, 0.0, 0.0, 0.0, 0.0, -1.0],
      "ImageType": [
        "ORIGINAL",
        "PRIMARY",
        "M",
        "NORM",
        "OUT_PHASE",
        "DIS3D",
        "DIS2D"
],
      "ImagedNucleus": "1H",
      "ImagingFrequency": 123.239709,
      "InPlanePhaseEncodingDirection": "COL",
      "MRAcquisitionType": "3D",
      "MagneticFieldStrength": 3.0,
      "Manufacturer": "SIEMENS",
      "ManufacturerModelName": "Biograph_mMR",
      "MedicalAlerts": "None",
      "Modality": "MR",
      "NumberOfAverages": 1.0,
      "NumberOfPhaseEncodingSteps": 110,
      "PercentPhaseFieldOfView": 62.5,
      "PercentSampling": 75.0,
      "PerformedProcedureStepStartTime": "100028.040000",
      "PhotometricInterpretation": "MONOCHROME2",
      "PixelBandwidth": 1300.0,
      "PixelRepresentation": 0,
      "PixelSpacing": [2.6042, 2.6042],
      "PregnancyStatus": 4,
      "ProtocolName": "MRAC_DIXON",
      "RepetitionTime": 3.96,
      "RequestAttributesSequence": [
        {
          "RequestedProcedureID": "MMH001",
          "ScheduledProcedureStepDescription": "MR-PET Scan",
          "ScheduledProcedureStepID": "001"}
],
      "Rows": 120,
      "SAR": 0.08238624051159,
      "SamplesPerPixel": 1,
      "ScanOptions": "PFP",
      "ScanningSequence": "GR",
      "SequenceName": "*fl3d2",
      "SequenceVariant": [
        "SP",
        "OSP"
],
      "SeriesDescription": "MRAC_DIXON_opp",
      "SeriesNumber": 28,
      "SeriesTime": "114201.451000",
      "SliceThickness": 3.1200001239777,
      "SmallestImagePixelValue": 0,
      "SoftwareVersions": "syngo MR E11",
      "SpecificCharacterSet": "ISO_IR 100",
      "StudyID": "MMH001",
      "StudyTime": "100027.870000",
      "TransmitCoilName": "Body",
      "VariableFlipAngleFlag": "N",
      "WindowCenterWidthExplanation": "Algo1",
      "dBdt": 0.0},
