{
  "AcquisitionMatrixPE": 256,
  "AcquisitionNumber": 1,
  "AcquisitionTime": "12:30:38.935000",
  "BaseResolution": 256,
  "BodyPartExamined": "BRAIN",
  "ConsistencyInfo": "N4_VE11P_LATEST_20161021",
  "ConversionSoftware": "dcm2niix",
  "ConversionSoftwareVersion": "v1.0.20190410  GCC6.3.0",
  "DeviceSerialNumber": "51066",
  "DwellTime": 1.03e-05,
  "EchoTime": 0.00234,
  "FlipAngle": 8,
  "ImageOrientationPatientDICOM": [-0.00172936, 0.999999, -3.0702e-09, -0.0191244, -3.3076e-05, -0.999817],
  "ImageType": [
    "ORIGINAL",
    "PRIMARY",
    "M",
    "NORM",
    "DIS2D"
],
  "ImagingFrequency": 123.24,
  "InPlanePhaseEncodingDirectionDICOM": "ROW",
  "InstitutionAddress": "Blackburn_Road_770_Clayton_Victoria_AU_3168",
  "InstitutionName": "MONASH_BIOMEDICAL_IMAGING",
  "InstitutionalDepartmentName": "Department",
  "InversionTime": 0.9,
  "MRAcquisitionType": "3D",
  "MagneticFieldStrength": 3,
  "Manufacturer": "Siemens",
  "ManufacturersModelName": "Biograph_mMR",
  "Modality": "MR",
  "PartialFourier": 1,
  "PatientPosition": "HFS",
  "PercentPhaseFOV": 100,
  "PhaseEncodingSteps": 256,
  "PhaseResolution": 1,
  "PixelBandwidth": 190,
  "ProcedureStepDescription": "MR-PET_Scan",
  "ProtocolName": "Head_t1_mprage_sag_1_iso",
  "PulseSequenceDetails": "%SiemensSeq%_tfl",
  "ReceiveCoilActiveElements": "HEA;HEP;NEP",
  "ReceiveCoilName": "HeadNeck_MRPET",
  "ReconMatrixPE": 256,
  "RepetitionTime": 1.64,
  "SAR": 0.0900101,
  "ScanOptions": "IR",
  "ScanningSequence": "GR_IR",
  "SequenceName": "_tfl3d1_16ns",
  "SequenceVariant": "SK_SP_MP",
  "SeriesDescription": "Head_t1_mprage_sag_1_iso",
  "SeriesNumber": 5,
  "ShimSetting": [-8354, -944, -4231, 0, -234, 163, -330, -167],
  "SliceThickness": 1,
  "SoftwareVersions": "syngo_MR_E11",
  "StationName": "MRC51066",
  "TxRefAmp": 289.929,
  "dcmmeta_affine": [
    [0.9998156428337097, -0.0017293582204729319, -0.019124357029795647, -84.83586120605469],
    [0.0017290418036282063, 0.9999985098838806, -3.307598308310844e-05, -100.15583801269531],
    [0.019124384969472885, 3.070202092558816e-09, 0.9998171329498291, -135.85107421875],
    [0.0, 0.0, 0.0, 1.0]
],
  "dcmmeta_reorient_transform": [
    [0.0, 0.0, -1.0, 255.0],
    [0.0, -1.0, 0.0, 255.0],
    [-1.0, 0.0, 0.0, 175.0],
    [0.0, 0.0, 0.0, 1.0]
],
  "dcmmeta_shape": [176, 256, 256],
  "dcmmeta_slice_dim": 0,
  "dcmmeta_version": 0.6,
  "global": {
    "const": {
      "AcquisitionMatrix": [0, 256, 256, 0],
      "AcquisitionNumber": 1,
      "AcquisitionTime": "123038.935000",
      "Allergies": "None",
      "AngioFlag": "N",
      "BitsAllocated": 16,
      "BitsStored": 12,
      "BodyPartExamined": "BRAIN",
      "Columns": 256,
      "EchoNumbers": 1,
      "EchoTime": 2.34,
      "EchoTrainLength": 1,
      "FlipAngle": 8.0,
      "HighBit": 11,
      "ImageOrientationPatient": [-0.0017293581979, 0.99999850465899, -3.070202e-09, -0.0191243569038, -3.30759825e-05, -0.9998171122155],
      "ImageType": [
        "ORIGINAL",
        "PRIMARY",
        "M",
        "NORM",
        "DIS2D"
],
      "ImagedNucleus": "1H",
      "ImagingFrequency": 123.239709,
      "InPlanePhaseEncodingDirection": "ROW",
      "InversionTime": 900.0,
      "MRAcquisitionType": "3D",
      "MagneticFieldStrength": 3.0,
      "Manufacturer": "SIEMENS",
      "ManufacturerModelName": "Biograph_mMR",
      "MedicalAlerts": "None",
      "Modality": "MR",
      "NumberOfAverages": 1.0,
      "NumberOfPhaseEncodingSteps": 256,
      "PercentPhaseFieldOfView": 100.0,
      "PercentSampling": 100.0,
      "PerformedProcedureStepStartTime": "121216.309000",
      "PhotometricInterpretation": "MONOCHROME2",
      "PixelBandwidth": 190.0,
      "PixelRepresentation": 0,
      "PixelSpacing": [1.0, 1.0],
      "PregnancyStatus": 4,
      "ProtocolName": "Head_t1_mprage_sag 1 iso",
      "RepetitionTime": 1640.0,
      "RequestAttributesSequence": [
        {
          "RequestedProcedureID": "MMH001B",
          "ScheduledProcedureStepDescription": "MR-PET Scan",
          "ScheduledProcedureStepID": "001"}
],
      "Rows": 256,
      "SAR": 0.09001005444493,
      "SamplesPerPixel": 1,
      "ScanOptions": "IR",
      "ScanningSequence": [
        "GR",
        "IR"
],
      "SequenceName": "*tfl3d1_16ns",
      "SequenceVariant": [
        "SK",
        "SP",
        "MP"
],
      "SeriesDescription": "Head_t1_mprage_sag 1 iso",
      "SeriesNumber": 5,
      "SeriesTime": "123743.337000",
      "SliceThickness": 1.0,
      "SmallestImagePixelValue": 0,
      "SoftwareVersions": "syngo MR E11",
      "SpecificCharacterSet": "ISO_IR 100",
      "StudyID": "MMH001B",
      "StudyTime": "121216.071000",
      "TransmitCoilName": "Body",
      "VariableFlipAngleFlag": "N",
      "WindowCenterWidthExplanation": "Algo1",
      "dBdt": 0.0},
