{
  "AcquisitionMatrixPE": 192,
  "AcquisitionNumber": 1,
  "AcquisitionTime": "13:48:27.557500",
  "BaseResolution": 192,
  "CoilString": "C:HEA;HEP;NEP",
  "ConversionSoftware": "dcm2niix",
  "ConversionSoftwareVersion": "v1.0.20190410  GCC6.3.0",
  "DeviceSerialNumber": "51066",
  "DwellTime": 2.4e-06,
  "EchoNumber": 2,
  "EchoTime": 0.00246,
  "FlipAngle": 10,
  "ImageOrientationPatientDICOM": [1, 0, 0, 0, 1, 0],
  "ImageType": [
    "ORIGINAL",
    "PRIMARY",
    "M",
    "NORM",
    "DIS3D",
    "DIS2D"
],
  "ImagingFrequency": 123.24,
  "InPlanePhaseEncodingDirectionDICOM": "COL",
  "InstitutionAddress": "Blackburn_Road_770_Clayton_Victoria_AU_3168",
  "InstitutionName": "Monash_Biomedical_Imaging",
  "InstitutionalDepartmentName": "Department",
  "MRAcquisitionType": "3D",
  "MagneticFieldStrength": 3,
  "Manufacturer": "Siemens",
  "ManufacturersModelName": "Biograph_mMR",
  "Modality": "MR",
  "PartialFourier": 1,
  "PatientPosition": "HFS",
  "PercentPhaseFOV": 100,
  "PhaseEncodingSteps": 25002,
  "PhaseResolution": 1,
  "PixelBandwidth": 1085,
  "ProcedureStepDescription": "MR-PET_Scan",
  "ProtocolName": "Head_MRAC_PET_UTE",
  "PulseSequenceDetails": "%SiemensSeq%_CV_UTE_AC",
  "ReceiveCoilName": "HeadNeck_MRPET",
  "ReconMatrixPE": 192,
  "RepetitionTime": 0.01194,
  "SAR": 0.0631708,
  "ScanningSequence": "GR",
  "SequenceName": "_fi3d2_3ns",
  "SequenceVariant": "SK_SS",
  "SeriesDescription": "Head_MRAC_PET_UTE",
  "SeriesNumber": 8,
  "ShimSetting": [-8343, -1043, -4136, -4, -273, -174, 50, -315],
  "SliceThickness": 1.5625,
  "SoftwareVersions": "syngo_MR_B20P",
  "StationName": "MRC51066",
  "TxRefAmp": 296.372,
  "dcmmeta_affine": [
    [1.5625, 0.0, 0.0, -148.4375],
    [0.0, 1.5625, 0.0, -148.4375],
    [0.0, 0.0, 1.5625, -165.21875],
    [0.0, 0.0, 0.0, 1.0]
],
  "dcmmeta_reorient_transform": [
    [0.0, -1.0, 0.0, 191.0],
    [-1.0, 0.0, 0.0, 191.0],
    [0.0, 0.0, -1.0, 191.0],
    [0.0, 0.0, 0.0, 1.0]
],
  "dcmmeta_shape": [192, 192, 192],
  "dcmmeta_slice_dim": 2,
  "dcmmeta_version": 0.6,
  "global": {
    "const": {
      "AcquisitionMatrix": [192, 0, 0, 192],
      "AcquisitionNumber": 1,
      "AcquisitionTime": "134827.557500",
      "Allergies": "None",
      "AngioFlag": "N",
      "BitsAllocated": 16,
      "BitsStored": 12,
      "Columns": 192,
      "EchoNumbers": 2,
      "EchoTime": 2.46,
      "EchoTrainLength": 1,
      "FlipAngle": 10.0,
      "HighBit": 11,
      "ImageOrientationPatient": [1.0, 0.0, 0.0, 0.0, 1.0, 0.0],
      "ImageType": [
        "ORIGINAL",
        "PRIMARY",
        "M",
        "NORM",
        "DIS3D",
        "DIS2D"
],
      "ImagedNucleus": "1H",
      "ImagingFrequency": 123.239792,
      "InPlanePhaseEncodingDirection": "COL",
      "MRAcquisitionType": "3D",
      "MagneticFieldStrength": 3.0,
      "Manufacturer": "SIEMENS",
      "ManufacturerModelName": "Biograph_mMR",
      "MedicalAlerts": "None",
      "Modality": "MR",
      "NumberOfAverages": 1.0,
      "NumberOfPhaseEncodingSteps": 25002,
      "PercentPhaseFieldOfView": 100.0,
      "PercentSampling": 100.0,
      "PerformedProcedureStepStartTime": "134326.111000",
      "PhotometricInterpretation": "MONOCHROME2",
      "PixelBandwidth": 1085.0,
      "PixelRepresentation": 0,
      "PixelSpacing": [1.5625, 1.5625],
      "PregnancyStatus": 4,
      "ProtocolName": "Head_MRAC PET UTE",
      "RepetitionTime": 11.94,
      "RequestAttributesSequence": [
        {
          "RequestedProcedureID": "MMH001",
          "ScheduledProcedureStepDescription": "MR-PET Scan",
          "ScheduledProcedureStepID": "001"}
],
      "Rows": 192,
      "SAR": 0.06317080296048,
      "SamplesPerPixel": 1,
      "ScanningSequence": "GR",
      "SequenceName": "*fi3d2_3ns",
      "SequenceVariant": [
        "SK",
        "SS"
],
      "SeriesDescription": "Head_MRAC PET UTE",
      "SeriesNumber": 8,
      "SeriesTime": "135058.548000",
      "SliceThickness": 1.5625,
      "SmallestImagePixelValue": 0,
      "SoftwareVersions": "syngo MR B20P",
      "SpecificCharacterSet": "ISO_IR 100",
      "StudyID": "MMH001",
      "StudyTime": "134326.080000",
      "TransmitCoilName": "Body",
      "VariableFlipAngleFlag": "N",
      "WindowCenter": 89.0,
      "WindowCenterWidthExplanation": "WINDOW1",
      "WindowWidth": 148.0,
      "dBdt": 0.0},
