{
  "AcquisitionMatrixPE": 79,
  "AcquisitionNumber": 1,
  "AcquisitionTime": "10:13:38.395000",
  "BaseResolution": 192,
  "CoilString": "C:HEA;HEP;NEP",
  "ConversionSoftware": "dcm2niix",
  "ConversionSoftwareVersion": "v1.0.20190410  GCC6.3.0",
  "DeviceSerialNumber": "51066",
  "DwellTime": 2.7e-06,
  "EchoTime": 0.00123,
  "FlipAngle": 10,
  "ImageOrientationPatientDICOM": [1, 0, 0, 0, 0, -1],
  "ImageType": [
    "ORIGINAL",
    "PRIMARY",
    "M",
    "NORM",
    "DIS3D",
    "DIS2D"
],
  "ImagingFrequency": 123.24,
  "InPlanePhaseEncodingDirectionDICOM": "COL",
  "InstitutionAddress": "Blackburn_Road_770_Clayton_Victoria_AU_3168",
  "InstitutionName": "Monash_Biomedical_Imaging",
  "InstitutionalDepartmentName": "Department",
  "MRAcquisitionType": "3D",
  "MagneticFieldStrength": 3,
  "Manufacturer": "Siemens",
  "ManufacturersModelName": "Biograph_mMR",
  "Modality": "MR",
  "PartialFourier": 0.75,
  "PatientPosition": "HFS",
  "PercentPhaseFOV": 65.625,
  "PhaseEncodingSteps": 119,
  "PhaseOversampling": 1,
  "PhaseResolution": 0.63,
  "PixelBandwidth": 965,
  "ProcedureStepDescription": "MR-PET_Scan",
  "ProtocolName": "Head_MRAC_PET_DIXON",
  "PulseSequenceDetails": "%SiemensSeq%_fl3d_vibe_AC",
  "ReceiveCoilName": "HeadNeck_MRPET",
  "ReconMatrixPE": 126,
  "RepetitionTime": 0.0036,
  "SAR": 0.0248733,
  "ScanOptions": "DIXW",
  "ScanningSequence": "GR",
  "SequenceName": "_fl3d2_ns",
  "SequenceVariant": "SP_OSP",
  "SeriesDescription": "Head_MRAC_PET_DIXON_W",
  "SeriesNumber": 5,
  "ShimSetting": [-8331, -1050, -4177, -196, -304, -420, -578, -199],
  "SliceThickness": 2.34,
  "SoftwareVersions": "syngo_MR_B20P",
  "StationName": "MRC51066",
  "TxRefAmp": 293.674,
  "dcmmeta_affine": [
    [2.0833332538604736, 0.0, 0.0, -197.91665649414062],
    [0.0, 2.3399999141693115, 0.0, -122.94852447509766],
    [0.0, 0.0, 2.0833332538604736, -162.16665649414062],
    [0.0, 0.0, 0.0, 1.0]
],
  "dcmmeta_reorient_transform": [
    [0.0, 0.0, -1.0, 125.0],
    [-1.0, 0.0, 0.0, 191.0],
    [0.0, 1.0, 0.0, 0.0],
    [0.0, 0.0, 0.0, 1.0]
],
  "dcmmeta_shape": [192, 128, 126],
  "dcmmeta_slice_dim": 1,
  "dcmmeta_version": 0.6,
  "global": {
    "const": {
      "AcquisitionMatrix": [192, 0, 0, 79],
      "AcquisitionNumber": 1,
      "AcquisitionTime": "101338.395000",
      "Allergies": "None",
      "AngioFlag": "N",
      "BitsAllocated": 16,
      "BitsStored": 12,
      "Columns": 192,
      "EchoNumbers": 1,
      "EchoTime": 1.23,
      "EchoTrainLength": 1,
      "FlipAngle": 10.0,
      "HighBit": 11,
      "ImageOrientationPatient": [1.0, 0.0, 0.0, 0.0, 0.0, -1.0],
      "ImageType": [
        "ORIGINAL",
        "PRIMARY",
        "M",
        "NORM",
        "DIS3D",
        "DIS2D"
],
      "ImagedNucleus": "1H",
      "ImagingFrequency": 123.239837,
      "InPlanePhaseEncodingDirection": "COL",
      "MRAcquisitionType": "3D",
      "MagneticFieldStrength": 3.0,
      "Manufacturer": "SIEMENS",
      "ManufacturerModelName": "Biograph_mMR",
      "MedicalAlerts": "None",
      "Modality": "MR",
      "NumberOfAverages": 1.0,
      "NumberOfPhaseEncodingSteps": 119,
      "PercentPhaseFieldOfView": 65.625,
      "PercentSampling": 63.0,
      "PerformedProcedureStepStartTime": "100055.464000",
      "PhotometricInterpretation": "MONOCHROME2",
      "PixelBandwidth": 965.0,
      "PixelRepresentation": 0,
      "PixelSpacing": [2.0833332538605, 2.0833332538605],
      "PregnancyStatus": 4,
      "ProtocolName": "Head_MRAC_PET DIXON",
      "RepetitionTime": 3.6,
      "RequestAttributesSequence": [
        {
          "RequestedProcedureID": "MMH001",
          "ScheduledProcedureStepDescription": "MR-PET Scan",
          "ScheduledProcedureStepID": "001"}
],
      "Rows": 126,
      "SAR": 0.02487332320171,
      "SamplesPerPixel": 1,
      "ScanOptions": "DIXW",
      "ScanningSequence": "GR",
      "SequenceName": "*fl3d2_ns",
      "SequenceVariant": [
        "SP",
        "OSP"
],
      "SeriesDescription": "Head_MRAC_PET DIXON_W",
      "SeriesNumber": 5,
      "SeriesTime": "101419.376000",
      "SliceThickness": 2.3399999141693,
      "SmallestImagePixelValue": 0,
      "SoftwareVersions": "syngo MR B20P",
      "SpecificCharacterSet": "ISO_IR 100",
      "StudyID": "MMH001",
      "StudyTime": "100055.370000",
      "TransmitCoilName": "Body",
      "VariableFlipAngleFlag": "N",
      "WindowCenterWidthExplanation": "Algo1",
      "dBdt": 0.0},
