{
  "AcquisitionMatrixPE": 79,
  "AcquisitionNumber": 1,
  "AcquisitionTime": "14:12:0.507500",
  "BaseResolution": 192,
  "BodyPartExamined": "BRAIN",
  "ConsistencyInfo": "N4_VE11P_LATEST_20161021",
  "ConversionSoftware": "dcm2niix",
  "ConversionSoftwareVersion": "v1.0.20190410  GCC6.3.0",
  "DeviceSerialNumber": "51066",
  "DwellTime": 2.7e-06,
  "EchoNumber": 2,
  "EchoTime": 0.00246,
  "EchoTrainLength": 2,
  "FlipAngle": 10,
  "ImageComments": "uMap",
  "ImageOrientationPatientDICOM": [1, 0, 0, 0, 0, -1],
  "ImageType": [
    "DERIVED",
    "PRIMARY",
    "M",
    "NORM",
    "IN",
    "PHASE",
    "DIS3D",
    "DIS2D",
    "MRPET",
    "UMAP3D"
],
  "ImagingFrequency": 123.24,
  "InPlanePhaseEncodingDirectionDICOM": "ROW",
  "InstitutionAddress": "Blackburn_Road_770_Clayton_Victoria_AU_3168",
  "InstitutionName": "MONASH_BIOMEDICAL_IMAGING",
  "InstitutionalDepartmentName": "Department",
  "MRAcquisitionType": "3D",
  "MagneticFieldStrength": 3,
  "Manufacturer": "Siemens",
  "ManufacturersModelName": "Biograph_mMR",
  "Modality": "MR",
  "PartialFourier": 0.75,
  "PatientPosition": "HFS",
  "PercentPhaseFOV": 65.625,
  "PhaseEncodingSteps": 119,
  "PhaseOversampling": 1,
  "PhaseResolution": 0.63,
  "PixelBandwidth": 965,
  "ProcedureStepDescription": "MR-PET_Scan",
  "ProtocolName": "Head_MRAC_PET_DIXON",
  "PulseSequenceDetails": "%SiemensSeq%_fl3d_vibe_AC",
  "RawImage": false,
  "ReceiveCoilActiveElements": "HEA;HEP;NEP",
  "ReceiveCoilName": "HeadNeck_MRPET",
  "ReconMatrixPE": 127,
  "RepetitionTime": 0.0036,
  "SAR": 0.0330806,
  "ScanOptions": "PFP",
  "ScanningSequence": "GR",
  "SequenceName": "_fl3d2_ns",
  "SequenceVariant": "SP_OSP",
  "SeriesDescription": "Head_MRAC_PET_DIXON_in_UMAP",
  "SeriesNumber": 36,
  "ShimSetting": [-8324, -1020, -3895, 111, -326, -252, -122, -320],
  "SliceThickness": 2.3438,
  "SoftwareVersions": "syngo_MR_E11",
  "StationName": "MRC51066",
  "TxRefAmp": 300.449,
  "dcmmeta_affine": [
    [2.3399999141693115, 0.0, 0.0, -147.2076873779297],
    [0.0, 2.3438000679016113, 0.0, -197.06605529785156],
    [0.0, 0.0, 2.3399999141693115, -148.96263122558594],
    [0.0, 0.0, 0.0, 1.0]
],
  "dcmmeta_reorient_transform": [
    [0.0, 0.0, -1.0, 129.0],
    [-1.0, 0.0, 0.0, 126.0],
    [0.0, 1.0, 0.0, 0.0],
    [0.0, 0.0, 0.0, 1.0]
],
  "dcmmeta_shape": [127, 192, 130],
  "dcmmeta_slice_dim": 1,
  "dcmmeta_version": 0.6,
  "global": {
    "const": {
      "AcquisitionMatrix": [0, 192, 79, 0],
      "AcquisitionNumber": 1,
      "AcquisitionTime": "141200.507500",
      "Allergies": "None",
      "AngioFlag": "N",
      "BitsAllocated": 16,
      "BitsStored": 12,
      "BodyPartExamined": "BRAIN",
      "Columns": 127,
      "EchoNumbers": 2,
      "EchoTime": 2.46,
      "EchoTrainLength": 2,
      "FlipAngle": 10.0,
      "HighBit": 11,
      "ImageOrientationPatient": [1.0, 0.0, 0.0, 0.0, 0.0, -1.0],
      "ImageType": [
        "DERIVED",
        "PRIMARY",
        "M",
        "NORM",
        "IN_PHASE",
        "DIS3D",
        "DIS2D",
        "MRPET_UMAP3D"
],
      "ImagedNucleus": "1H",
      "ImagingFrequency": 123.23954,
      "InPlanePhaseEncodingDirection": "ROW",
      "MRAcquisitionType": "3D",
      "MagneticFieldStrength": 3.0,
      "Manufacturer": "SIEMENS",
      "ManufacturerModelName": "Biograph_mMR",
      "MedicalAlerts": "None",
      "Modality": "MR",
      "NumberOfAverages": 1.0,
      "NumberOfPhaseEncodingSteps": 119,
      "PercentPhaseFieldOfView": 65.625,
      "PercentSampling": 63.0,
      "PerformedProcedureStepStartTime": "122655.550000",
      "PhotometricInterpretation": "MONOCHROME2",
      "PixelBandwidth": 965.0,
      "PixelRepresentation": 0,
      "PixelSpacing": [2.3399999141693, 2.3399999141693],
      "PregnancyStatus": 4,
      "ProtocolName": "Head_MRAC_PET DIXON",
      "RelatedSeriesSequence": [
        {
          "PurposeOfReferenceCodeSequence": [],
          "SeriesInstanceUID": "1.3.12.2.1107.5.2.38.51066.2017062914154058034478591.0.0.0"},
        {
          "PurposeOfReferenceCodeSequence": [],
          "SeriesInstanceUID": "1.3.12.2.1107.5.2.38.51066.2017062914154056808278471.0.0.0"},
        {
          "PurposeOfReferenceCodeSequence": [],
          "SeriesInstanceUID": "1.3.12.2.1107.5.2.38.51066.2017062914154059049978655.0.0.0"},
        {
          "PurposeOfReferenceCodeSequence": [],
          "SeriesInstanceUID": "1.3.12.2.1107.5.2.38.51066.2017062914154058678378638.0.0.0"}
],
      "RepetitionTime": 3.6,
      "RequestAttributesSequence": [
        {
          "RequestedProcedureID": "MMH001",
          "ScheduledProcedureStepDescription": "MR-PET Scan",
          "ScheduledProcedureStepID": "001"}
],
      "Rows": 130,
      "SAR": 0.03308060778679,
      "SamplesPerPixel": 1,
      "ScanOptions": "PFP",
      "ScanningSequence": "GR",
      "SequenceName": "*fl3d2_ns",
      "SequenceVariant": [
        "SP",
        "OSP"
],
      "SeriesDescription": "Head_MRAC_PET DIXON_in_UMAP",
      "SeriesNumber": 36,
      "SeriesTime": "141638.784000",
      "SliceThickness": 2.3438000679016,
      "SmallestImagePixelValue": 0,
      "SoftwareVersions": "syngo MR E11",
      "SpecificCharacterSet": "ISO_IR 100",
      "StudyID": "MMH001",
      "StudyTime": "122655.420000",
      "TransmitCoilName": "Body",
      "VariableFlipAngleFlag": "N",
      "WindowCenter": 900.0,
      "WindowCenterWidthExplanation": "Algo1",
      "WindowWidth": 900.0,
      "dBdt": 0.0},
