{
  "AcquisitionMatrixPE": 64,
  "AcquisitionNumber": 1,
  "AcquisitionTime": "12:44:47.322500",
  "BaseResolution": 64,
  "BodyPartExamined": "BRAIN",
  "CoilString": "HEA;HEP;NEP",
  "ConsistencyInfo": "N4_VE11P_LATEST_20161021",
  "ConversionSoftware": "dcm2niix",
  "ConversionSoftwareVersion": "v1.0.20190410  GCC6.3.0",
  "DeviceSerialNumber": "51066",
  "DwellTime": 3e-05,
  "EchoNumber": 2,
  "EchoTime": 0.00765,
  "FlipAngle": 60,
  "ImageOrientationPatientDICOM": [
    0.999931,
    -0.000963155,
    -0.0117309,
    -9.5e-12,
    0.996646,
    -0.081829
  ],
  "ImageType": [
    "ORIGINAL",
    "PRIMARY",
    "M",
    "ND",
    "NORM"
  ],
  "ImagingFrequency": 123.24,
  "InPlanePhaseEncodingDirectionDICOM": "ROW",
  "InstitutionAddress": "Blackburn_Road_770_Clayton_Victoria_AU_3168",
  "InstitutionName": "MONASH_BIOMEDICAL_IMAGING",
  "InstitutionalDepartmentName": "Department",
  "MRAcquisitionType": "2D",
  "MagneticFieldStrength": 3,
  "Manufacturer": "Siemens",
  "ManufacturersModelName": "Biograph_mMR",
  "Modality": "MR",
  "PartialFourier": 1,
  "PatientPosition": "HFS",
  "PercentPhaseFOV": 100,
  "PhaseEncodingDirection": "i",
  "PhaseEncodingSteps": 64,
  "PhaseResolution": 1,
  "PixelBandwidth": 260,
  "ProcedureStepDescription": "MR-PET_Scan",
  "ProtocolName": "Head_gre_field_mapping",
  "PulseSequenceDetails": "%SiemensSeq%_gre_field_mapping",
  "ReceiveCoilName": "HeadNeck_MRPET",
  "ReconMatrixPE": 64,
  "RepetitionTime": 0.488,
  "SAR": 0.141907,
  "ScanningSequence": "GR",
  "SequenceName": "_fm2d2r",
  "SequenceVariant": "SP",
  "SeriesDescription": "Head_gre_field_mapping",
  "SeriesNumber": 7,
  "ShimSetting": [
    -8379,
    -818,
    -3763,
    589,
    -360,
    466,
    -725,
    -185
  ],
  "SliceThickness": 3,
  "SliceTiming": [
    0.0007325,
    -0.001,
    -0.001,
    -0.001,
    -0.001,
    -0.001,
    -0.001,
    -0.001,
    -0.001,
    -0.001,
    -0.001,
    -0.001,
    -0.001,
    -0.001,
    -0.001,
    -0.001,
    -0.001,
    -0.001,
    -0.001,
    -0.001,
    -0.001,
    -0.001,
    -0.001,
    -0.001,
    -0.001,
    -0.001,
    -0.001,
    -0.001,
    -0.001,
    -0.001,
    -0.001,
    -0.001,
    -0.001,
    -0.001,
    -0.001,
    -0.001,
    -0.001,
    -0.001,
    -0.001,
    -0.001,
    -0.001,
    -0.001,
    -0.001,
    -0.001
  ],
  "SoftwareVersions": "syngo_MR_E11",
  "SpacingBetweenSlices": 3,
  "StationName": "MRC51066",
  "TxRefAmp": 289.929
}