{
    "AcquisitionTime": "10:05:52",
    "BaseResolution": 128,
    "BodyPartExamined": "BRAIN",
    "ConsistencyInfo": "N4_VE11P_LATEST_20161021",
    "ConversionSoftware": "dcm2niix",
    "ConversionSoftwareVersion": "v1.0.20190410  GCC6.3.0",
    "DeviceSerialNumber": "51066",
    "DoseCalibrationFactor": 19144900.0,
    "ImageComments": "PET_AC",
    "ImageOrientationPatientDICOM": [
        1,
        0,
        0,
        0,
        1,
        0
    ],
    "ImageType": [
        "ORIGINAL",
        "PRIMARY",
        "DYNAMIC",
        "AC"
    ],
    "InstitutionAddress": "Blackburn_Road_770_Clayton_Victoria_AU_3168",
    "InstitutionName": "Monash Biomedical Imaging",
    "InstitutionalDepartmentName": "Department",
    "Manufacturer": "SIEMENS",
    "ManufacturersModelName": "Biograph_mMR",
    "Modality": "PT",
    "PartialFourier": 1,
    "PatientPosition": "HFS",
    "PhaseResolution": 1,
    "ProcedureStepDescription": "MR-PET_Scan",
    "ProtocolName": "_1min_dynamic_PRR_AC_Images",
    "PulseSequenceDetails": "%SiemensSeq%_PetAcquisition",
    "RadionuclideHalfLife": 6586.2,
    "RadionuclidePositronFraction": 0.97,
    "RadionuclideTotalDose": 100000000.0,
    "ReceiveCoilActiveElements": "HEA;HEP;NEP",
    "ReceiveCoilName": "HeadNeck_MRPET",
    "ReconMatrixPE": 344,
    "SeriesDescription": "_1min_dynamic_PRR_AC_Images",
    "SeriesNumber": 40004,
    "SliceThickness": 2.03125,
    "SoftwareVersions": "syngo MR E11",
    "StationName": "MRC51066",
    "TaskName": "checkerboard",
    "TxRefAmp": 351.25,
    "AcquisitionDate": "20170706",
    "SeriesTime": "100552.000000",
    "ImagePosition(Patient)": [
        -239.39916099,
        -238.20055994,
        -15.19147005
    ],
    "ImageOrientation(Patient)": [
        1.0,
        0.0,
        0.0,
        0.0,
        1.0,
        0.0
    ],
    "Radiopharmaceutical": "Fluorodeoxyglucose",
    "RadiopharmaceuticalStartTime": "090140.000000",
    "CodeValue": "C-111A1",
    "NumberofSlices": 127,
    "NumberofTimeSlices": 95,
    "CountsSource": "EMISSION",
    "RandomsCorrectionMethod": "DLYD",
    "AttenuationCorrectionMethod": "measured",
    "DecayCorrection": "START",
    "ReconstructionMethod": "OP-OSEM3i21s",
    "ScatterCorrectionMethod": "Model-based",
    "AxialAcceptance": 60.0,
    "AxialMash": [
        5,
        6
    ],
    "DecayFactor": 1.00311,
    "ScatterFractionFactor": 8.17487,
    "TimeZero": "10:06:40",
    "ScanStart": 0,
    "InjectionStart": 0,
    "TracerName": "FDG",
    "Units": "Bq/ml",
    "TracerRadionuclide": "F18",
    "ModeOfAdministration": "infusion",
    "InjectedRadioactivityUnits": "Mbq",
    "InjectedMass": 0,
    "InjectedMassUnits": "ug",
    "SpecificRadioactivity": 0,
    "SpecificRadioactivityUnits": "Bq/g",
    "AcquisitionMode": "list mode",
    "ReconMethodName": "PSF-OP-OSEM",
    "ReconMethodParameterLabels": [
        "subsets",
        "iterations"
    ],
    "ReconMethodParameterUnits": [
        "none",
        "none"
    ],
    "ReconMethodParameterValues": [
        21,
        3
    ],
    "AttenuationCorrection": "ute based attenuation correction",
    "ImageDecayCorrected": true,
    "ImageDecayCorrectionTime": 0,
    "ReconFilterSize": [
        2
    ],
    "ReconFilterType": [
        "Gaussian"
    ],
    "InjectedRadioactivity": 92.079,
    "FrameTimesStart": [
        0,
        60,
        120,
        180,
        240,
        300,
        360,
        420,
        480,
        540,
        600,
        660,
        720,
        780,
        840,
        900,
        960,
        1020,
        1080,
        1140,
        1200,
        1260,
        1320,
        1380,
        1440,
        1500,
        1560,
        1620,
        1680,
        1740,
        1800,
        1860,
        1920,
        1980,
        2040,
        2100,
        2160,
        2220,
        2280,
        2340,
        2400,
        2460,
        2520,
        2580,
        2640,
        2700,
        2760,
        2820,
        2880,
        2940,
        3000,
        3060,
        3120,
        3180,
        3240,
        3300,
        3360,
        3420,
        3480,
        3540,
        3600,
        3660,
        3720,
        3780,
        3840,
        3900,
        3960,
        4020,
        4080,
        4140,
        4200,
        4260,
        4320,
        4380,
        4440,
        4500,
        4560,
        4620,
        4680,
        4740,
        4800,
        4860,
        4920,
        4980,
        5040,
        5100,
        5160,
        5220,
        5280,
        5340
    ],
    "FrameDuration": [
        60,
        60,
        60,
        60,
        60,
        60,
        60,
        60,
        60,
        60,
        60,
        60,
        60,
        60,
        60,
        60,
        60,
        60,
        60,
        60,
        60,
        60,
        60,
        60,
        60,
        60,
        60,
        60,
        60,
        60,
        60,
        60,
        60,
        60,
        60,
        60,
        60,
        60,
        60,
        60,
        60,
        60,
        60,
        60,
        60,
        60,
        60,
        60,
        60,
        60,
        60,
        60,
        60,
        60,
        60,
        60,
        60,
        60,
        60,
        60,
        60,
        60,
        60,
        60,
        60,
        60,
        60,
        60,
        60,
        60,
        60,
        60,
        60,
        60,
        60,
        60,
        60,
        60,
        60,
        60,
        60,
        60,
        60,
        60,
        60,
        60,
        60,
        60,
        60,
        60
    ]
}