{
   "AcquisitionTime": "102017.000000",
   "BaseResolution": 192,
   "ConversionSoftware": "dcm2niix",
   "ConversionSoftwareVersion": "v1.0.20190410  GCC6.3.0",
   "DeviceSerialNumber": "51066",
   "DoseCalibrationFactor": 1.0,
   "ImageComments": "PET_AC",
   "ImageOrientationPatientDICOM": [
      1,
      0,
      0,
      0,
      1,
      0
   ],
   "ImageType": [
      "ORIGINAL",
      "PRIMARY",
      "DYNAMIC",
      "AC"
   ],
   "InstitutionAddress": "Blackburn_Road_770_Clayton_Victoria_AU_3168",
   "InstitutionName": "Monash Biomedical Imaging",
   "InstitutionalDepartmentName": "Department",
   "Manufacturer": "SIEMENS",
   "ManufacturersModelName": "Biograph_mMR",
   "Modality": "PT",
   "PartialFourier": 1,
   "PatientPosition": "HFS",
   "PhaseResolution": 1,
   "ProcedureStepDescription": "MR-PET_Scan",
   "ProtocolName": "_1min_Dynamic_PRR_AC_Images",
   "PulseSequenceDetails": "%SiemensSeq%_CV_UTE_AC",
   "RadionuclideHalfLife": 6586.2,
   "RadionuclidePositronFraction": 0.97,
   "ReceiveCoilName": "HeadNeck_MRPET",
   "ReconMatrixPE": 344,
   "SeriesDescription": "_1min_Dynamic_PRR_AC_Images",
   "SeriesNumber": 35,
   "ShimSetting": [
      -8333,
      -1010,
      -4182,
      -174,
      -325,
      -48,
      -524,
      -186
   ],
   "SliceThickness": 2.03125,
   "SoftwareVersions": "syngo MR B20P",
   "StationName": "MRC51066",
   "TaskName": "vis",
   "TxRefAmp": 293.674,
   "AcquisitionDate": "20160811",
   "SeriesTime": "102017.000000",
   "ImagePosition(Patient)": [
      -239.02820858,
      -240.29873082,
      84.53560567
   ],
   "ImageOrientation(Patient)": [
      1.0,
      0.0,
      0.0,
      0.0,
      1.0,
      0.0
   ],
   "Radiopharmaceutical": "Fluorodeoxyglucose",
   "RadiopharmaceuticalStartTime": "121731.000000",
   "CodeValue": "C-111A1",
   "NumberofSlices": 127,
   "NumberofTimeSlices": 90,
   "CountsSource": "EMISSION",
   "RandomsCorrectionMethod": "DLYD",
   "AttenuationCorrectionMethod": "measured",
   "DecayCorrection": "START",
   "ReconstructionMethod": "PSF-OP-OSEM2i21s",
   "ScatterCorrectionMethod": "Model-based",
   "AxialAcceptance": 60.0,
   "AxialMash": [
      5,
      6
   ],
   "DecayFactor": 1.00316,
   "ScatterFractionFactor": 52.2213,
   "ScanDate": "2016:08:11",
   "TimeZero": "10:20:17",
   "ScanStart": 0.0,
   "InjectionStart": 0
}