{
  "AcquisitionMatrixPE": 256,
  "AcquisitionNumber": 1,
  "AcquisitionTime": "10:20:27.700000",
  "BaseResolution": 256,
  "CoilString": "T:HEA;HEP;NEP",
  "ConversionSoftware": "dcm2niix",
  "ConversionSoftwareVersion": "v1.0.20190410  GCC6.3.0",
  "DeviceSerialNumber": "51066",
  "DwellTime": 1.03e-05,
  "EchoTime": 0.00234,
  "FlipAngle": 8,
  "ImageOrientationPatientDICOM": [-0.0436401, 0.999047, 2.43684e-08, -0.031341, -0.00136901, -0.999508],
  "ImageType": [
    "ORIGINAL",
    "PRIMARY",
    "M",
    "NORM",
    "DIS2D"
],
  "ImagingFrequency": 123.24,
  "InPlanePhaseEncodingDirectionDICOM": "ROW",
  "InstitutionAddress": "Blackburn_Road_770_Clayton_Victoria_AU_3168",
  "InstitutionName": "Monash_Biomedical_Imaging",
  "InstitutionalDepartmentName": "Department",
  "InversionTime": 0.9,
  "MRAcquisitionType": "3D",
  "MagneticFieldStrength": 3,
  "Manufacturer": "Siemens",
  "ManufacturersModelName": "Biograph_mMR",
  "Modality": "MR",
  "PartialFourier": 1,
  "PatientPosition": "HFS",
  "PercentPhaseFOV": 100,
  "PhaseEncodingSteps": 255,
  "PhaseResolution": 1,
  "PixelBandwidth": 190,
  "ProcedureStepDescription": "MR-PET_Scan",
  "ProtocolName": "Head_t1_mprage_sag_1_iso",
  "PulseSequenceDetails": "%SiemensSeq%_tfl",
  "ReceiveCoilName": "HeadNeck_MRPET",
  "ReconMatrixPE": 256,
  "RefLinesPE": 24,
  "RepetitionTime": 1.64,
  "SAR": 0.0644701,
  "ScanOptions": "IR",
  "ScanningSequence": "GR_IR",
  "SequenceName": "_tfl3d1_ns",
  "SequenceVariant": "SP_MP",
  "SeriesDescription": "Head_t1_mprage_sag_1_iso",
  "SeriesNumber": 17,
  "ShimSetting": [-8355, -916, -4232, -36, -232, 45, -322, -146],
  "SliceThickness": 1,
  "SoftwareVersions": "syngo_MR_B20P",
  "StationName": "MRC51066",
  "TxRefAmp": 304.822,
  "dcmmeta_affine": [
    [0.998555600643158, -0.04364011436700821, -0.03134102746844292, -78.45625305175781],
    [0.043618638068437576, 0.9990473389625549, -0.0013690060004591942, -104.49272155761719],
    [0.03137091174721718, -2.436843260511523e-08, 0.9995077848434448, -128.4827880859375],
    [0.0, 0.0, 0.0, 1.0]
],
  "dcmmeta_reorient_transform": [
    [0.0, 0.0, -1.0, 255.0],
    [0.0, -1.0, 0.0, 255.0],
    [-1.0, 0.0, 0.0, 175.0],
    [0.0, 0.0, 0.0, 1.0]
],
  "dcmmeta_shape": [176, 256, 256],
  "dcmmeta_slice_dim": 0,
  "dcmmeta_version": 0.6,
  "global": {
    "const": {
      "AcquisitionMatrix": [0, 256, 256, 0],
      "AcquisitionNumber": 1,
      "AcquisitionTime": "102027.700000",
      "Allergies": "None",
      "AngioFlag": "N",
      "BitsAllocated": 16,
      "BitsStored": 12,
      "Columns": 256,
      "EchoNumbers": 1,
      "EchoTime": 2.34,
      "EchoTrainLength": 1,
      "FlipAngle": 8.0,
      "HighBit": 11,
      "ImageOrientationPatient": [-0.0436401161099, 0.99904731632987, 2.4368432e-08, -0.0313410279108, -0.0013690059702, -0.9995078117714],
      "ImageType": [
        "ORIGINAL",
        "PRIMARY",
        "M",
        "NORM",
        "DIS2D"
],
      "ImagedNucleus": "1H",
      "ImagingFrequency": 123.239531,
      "InPlanePhaseEncodingDirection": "ROW",
      "InversionTime": 900.0,
      "MRAcquisitionType": "3D",
      "MagneticFieldStrength": 3.0,
      "Manufacturer": "SIEMENS",
      "ManufacturerModelName": "Biograph_mMR",
      "MedicalAlerts": "None",
      "Modality": "MR",
      "NumberOfAverages": 1.0,
      "NumberOfPhaseEncodingSteps": 255,
      "PercentPhaseFieldOfView": 100.0,
      "PercentSampling": 100.0,
      "PerformedProcedureStepStartTime": "100914.731000",
      "PhotometricInterpretation": "MONOCHROME2",
      "PixelBandwidth": 190.0,
      "PixelRepresentation": 0,
      "PixelSpacing": [1.0, 1.0],
      "PregnancyStatus": 4,
      "ProtocolName": "Head_t1_mprage_sag 1 iso",
      "RepetitionTime": 1640.0,
      "RequestAttributesSequence": [
        {
          "RequestedProcedureID": "MMH000",
          "ScheduledProcedureStepDescription": "MR-PET Scan",
          "ScheduledProcedureStepID": "001"}
],
      "Rows": 256,
      "SAR": 0.06447009395352,
      "SamplesPerPixel": 1,
      "ScanOptions": "IR",
      "ScanningSequence": [
        "GR",
        "IR"
],
      "SequenceName": "*tfl3d1_ns",
      "SequenceVariant": [
        "SP",
        "MP"
],
      "SeriesDescription": "Head_t1_mprage_sag 1 iso",
      "SeriesNumber": 17,
      "SeriesTime": "102417.986000",
      "SliceThickness": 1.0,
      "SmallestImagePixelValue": 0,
      "SoftwareVersions": "syngo MR B20P",
      "SpecificCharacterSet": "ISO_IR 100",
      "StudyID": "MMH000",
      "StudyTime": "100914.606000",
      "TransmitCoilName": "Body",
      "VariableFlipAngleFlag": "N",
      "WindowCenter": 256.0,
      "WindowCenterWidthExplanation": "WINDOW1",
      "WindowWidth": 456.0,
      "dBdt": 0.0},
