{
  "AcquisitionTime": "09:56:47.000000",
  "BaseResolution": 128,
  "BodyPartExamined": "BRAIN",
  "ConsistencyInfo": "N4_VE11P_LATEST_20161021",
  "ConversionSoftware": "dcm2niix",
  "ConversionSoftwareVersion": "v1.0.20190410  GCC6.3.0",
  "DeviceSerialNumber": "51066",
  "DoseCalibrationFactor": 19070600.0,
  "ImageComments": "PET_AC",
  "ImageOrientationPatientDICOM": [1, 0, 0, 0, 1, 0],
  "ImageType": [
    "ORIGINAL",
    "PRIMARY",
    "STATIC",
    "AC"
],
  "InstitutionAddress": "Blackburn_Road_770_Clayton_Victoria_AU_3168",
  "InstitutionName": "Monash_Biomedical_Imaging",
  "InstitutionalDepartmentName": "Department",
  "Manufacturer": "Siemens",
  "ManufacturersModelName": "Biograph_mMR",
  "Modality": "PT",
  "PartialFourier": 1,
  "PatientPosition": "HFS",
  "PhaseResolution": 1,
  "ProcedureStepDescription": "MR-PET_Scan",
  "ProtocolName": "Head_PetAcquisition",
  "PulseSequenceDetails": "%SiemensSeq%_PetAcquisition",
  "RadionuclideHalfLife": 6586.2,
  "RadionuclidePositronFraction": 0.97,
  "RadionuclideTotalDose": 100000000.0,
  "ReceiveCoilActiveElements": "HEA;HEP",
  "ReceiveCoilName": "HeadNeck_MRPET",
  "ReconMatrixPE": 172,
  "SeriesDescription": "_Head_PetAcquisition_AC_Images",
  "SeriesNumber": 30003,
  "SliceThickness": 2.03125,
  "SoftwareVersions": "syngo_MR_E11",
  "StationName": "MRC51066",
  "TaskName": "vis",
  "TxRefAmp": 351.25,
  "dcmmeta_affine": [
    [-4.172530174255371, 0.0, 0.0, 359.01226806640625],
    [0.0, 4.172530174255371, 0.0, -355.68896484375],
    [0.0, 0.0, 2.03125, -126.90997314453125],
    [0.0, 0.0, 0.0, 1.0]
],
  "dcmmeta_reorient_transform": [
    [0.0, -1.0, 0.0, 171.0],
    [1.0, 0.0, 0.0, 0.0],
    [0.0, 0.0, -1.0, 126.0],
    [0.0, 0.0, 0.0, 1.0]
],
  "dcmmeta_shape": [172, 172, 127],
  "dcmmeta_slice_dim": 2,
  "dcmmeta_version": 0.6,
  "global": {
    "const": {
      "AcquisitionTime": "095647.000000",
      "ActualFrameDuration": 5700000,
      "Allergies": "None",
      "AttenuationCorrectionMethod": "measured",
      "AxialAcceptance": 60.0,
      "AxialMash": [5, 6],
      "BitsAllocated": 16,
      "BitsStored": 16,
      "BodyPartExamined": "BRAIN",
      "CollimatorType": "NONE",
      "Columns": 172,
      "ConvolutionKernel": "XYZGAUSSIAN2.00",
      "CorrectedImage": [
        "NORM",
        "DTIM",
        "ATTN",
 "3SCAT",
        "RELSC",
        "DECY",
        "FLEN",
        "RANSM",
        "XYSM",
        "ZSM"
],
      "CountsSource": "EMISSION",
      "DecayCorrection": "START",
      "DecayFactor": 1.32975,
      "DetectorLinesOfResponseUsed": "DESCRIPTION",
      "DoseCalibrationFactor": 19070600.0,
      "EnergyWindowRangeSequence": [
        {
          "EnergyWindowLowerLimit": 430.0,
          "EnergyWindowUpperLimit": 610.0}
],
      "FrameReferenceTime": 2707952.9880698,
      "HighBit": 15,
      "ImageOrientationPatient": [1.0, 0.0, 0.0, 0.0, 1.0, 0.0],
      "ImageType": [
        "ORIGINAL",
        "PRIMARY",
        "STATIC",
        "AC"
],
      "ImagesInAcquisition": 127,
      "Laterality": "U",
      "Manufacturer": "SIEMENS",
      "ManufacturerModelName": "Biograph_mMR",
      "MedicalAlerts": "None",
      "Modality": "PT",
      "NumberOfSlices": 127,
      "PerformedProcedureStepStartTime": "095057.290000",
      "PhotometricInterpretation": "MONOCHROME2",
      "PixelRepresentation": 0,
      "PixelSpacing": [4.17253, 4.17253],
      "PregnancyStatus": 4,
      "ProtocolName": "Head_PetAcquisition",
      "RadiopharmaceuticalInformationSequence": [
        {
          "RadionuclideCodeSequence": [
            {
              "CodeMeaning": "^18^Fluorine",
              "CodeValue": "C-111A1",
              "CodingSchemeDesignator": "SRT"
            }
],
          "RadionuclideHalfLife": 6586.2,
          "RadionuclidePositronFraction": 0.97,
          "RadionuclideTotalDose": 100000000.0,
          "Radiopharmaceutical": "Fluorodeoxyglucose",
          "RadiopharmaceuticalStartDateTime": "20170714085318.000000",
          "RadiopharmaceuticalStartTime": "085318.000000",
          "RadiopharmaceuticalVolume": 0.0}
],
      "RandomsCorrectionMethod": "DLYD",
      "ReconstructionMethod": "OP-OSEM3i21s",
      "RelatedSeriesSequence": [
        {
          "PurposeOfReferenceCodeSequence": [],
          "SeriesInstanceUID": "1.3.12.2.1107.5.2.38.51066.2017071410020858533239073.0.0.0",
          "StudyInstanceUID": "1.2.826.0.1.3680043.8.498.572773470086941997750222247"}
],
      "RequestAttributesSequence": [
        {
          "RequestedProcedureID": "MMH001",
          "ScheduledProcedureStepDescription": "MR-PET Scan",
          "ScheduledProcedureStepID": "001"}
],
      "RescaleIntercept": 0.0,
      "RescaleSlope": 0.29084139530625,
      "RescaleType": "US",
      "Rows": 172,
      "SamplesPerPixel": 1,
      "ScatterCorrectionMethod": "Model-based",
      "ScatterFractionFactor": 26.7277,
      "SeriesDescription": "*Head_PetAcquisition_AC Images",
      "SeriesNumber": 30003,
      "SeriesTime": "095647.000000",
      "SeriesType": [
        "WHOLE BODY",
        "IMAGE"
],
      "SliceThickness": 2.03125,
      "SmallestImagePixelValue": 0,
      "SoftwareVersions": "syngo MR E11",
      "SpecificCharacterSet": "ISO_IR 100",
      "StudyID": "MMH001",
      "StudyTime": "095057.117000",
      "Units": "BQML",
      "WindowCenterWidthExplanation": "Algo1"
    },
