{
  "AcquisitionTime": "10:20:17.000000",
  "BaseResolution": 192,
  "ConversionSoftware": "dcm2niix",
  "ConversionSoftwareVersion": "v1.0.20190410  GCC6.3.0",
  "DeviceSerialNumber": "51066",
  "DoseCalibrationFactor": 1,
  "ImageComments": "PET_NAC",
  "ImageOrientationPatientDICOM": [1, 0, 0, 0, 1, 0],
  "ImageType": [
    "ORIGINAL",
    "PRIMARY",
    "STATIC",
    "NAC"
],
  "InstitutionAddress": "Blackburn_Road_770_Clayton_Victoria_AU_3168",
  "InstitutionName": "Monash_Biomedical_Imaging",
  "InstitutionalDepartmentName": "Department",
  "Manufacturer": "Siemens",
  "ManufacturersModelName": "Biograph_mMR",
  "Modality": "PT",
  "PartialFourier": 1,
  "PatientPosition": "HFS",
  "PhaseResolution": 1,
  "ProcedureStepDescription": "MR-PET_Scan",
  "ProtocolName": "Head_MRAC_PET_UTE",
  "PulseSequenceDetails": "%SiemensSeq%_CV_UTE_AC",
  "RadionuclideHalfLife": 6586.2,
  "RadionuclidePositronFraction": 0.97,
  "ReceiveCoilName": "HeadNeck_MRPET",
  "ReconMatrixPE": 344,
  "SeriesDescription": "Head_MRAC_PET_UTE_NAC_Images",
  "SeriesNumber": 31,
  "ShimSetting": [-8333, -1010, -4182, -174, -325, -48, -524, -186],
  "SliceThickness": 2.03125,
  "SoftwareVersions": "syngo_MR_B20P",
  "StationName": "MRC51066",
  "TxRefAmp": 293.674,
  "dcmmeta_affine": [
    [-1.3908400535583496, 0.0, 0.0, 239.02821350097656],
    [0.0, 1.3908400535583496, 0.0, -236.75938415527344],
    [0.0, 0.0, 2.0313000679016113, -159.22068786621094],
    [0.0, 0.0, 0.0, 1.0]
],
  "dcmmeta_reorient_transform": [
    [0.0, -1.0, 0.0, 343.0],
    [1.0, 0.0, 0.0, 0.0],
    [0.0, 0.0, -1.0, 126.0],
    [0.0, 0.0, 0.0, 1.0]
],
  "dcmmeta_shape": [344, 344, 127],
  "dcmmeta_slice_dim": 2,
  "dcmmeta_version": 0.6,
  "global": {
    "const": {
      "AcquisitionTime": "102017.000000",
      "ActualFrameDuration": 5400000,
      "Allergies": "None",
      "AxialAcceptance": 60.0,
      "AxialMash": [5, 6],
      "BitsAllocated": 16,
      "BitsStored": 16,
      "CollimatorType": "NONE",
      "Columns": 344,
      "ConvolutionKernel": "XYZGAUSSIAN2.00",
      "CorrectedImage": [
        "NORM",
        "DTIM",
        "DECY",
        "FLEN",
        "RANSM",
        "XYSM",
        "ZSM"
],
      "CountsSource": "EMISSION",
      "DecayCorrection": "START",
      "DecayFactor": 1.31093,
      "DetectorLinesOfResponseUsed": "DESCRIPTION",
      "DoseCalibrationFactor": 1.0,
      "EnergyWindowRangeSequence": [
        {
          "EnergyWindowLowerLimit": 430.0,
          "EnergyWindowUpperLimit": 610.0}
],
      "FrameReferenceTime": 2572472.9433451,
      "HighBit": 15,
      "ImageOrientationPatient": [1.0, 0.0, 0.0, 0.0, 1.0, 0.0],
      "ImageType": [
        "ORIGINAL",
        "PRIMARY",
        "STATIC",
        "NAC"
],
      "ImagesInAcquisition": 127,
      "Manufacturer": "SIEMENS",
      "ManufacturerModelName": "Biograph_mMR",
      "MedicalAlerts": "None",
      "Modality": "PT",
      "NumberOfSlices": 127,
      "NumberOfTimeSlices": 1,
      "PerformedProcedureStepStartTime": "100055.464000",
      "PhotometricInterpretation": "MONOCHROME2",
      "PixelRepresentation": 0,
      "PixelSpacing": [1.39084, 1.39084],
      "PregnancyStatus": 4,
      "ProtocolName": "Head_MRAC PET UTE",
      "RadiopharmaceuticalInformationSequence": [
        {
          "RadionuclideCodeSequence": [
            {
              "CodeMeaning": "^18^Fluorine",
              "CodeValue": "C-111A1",
              "CodingSchemeDesignator": "SRT"
            }
],
          "RadionuclideHalfLife": 6586.2,
          "RadionuclidePositronFraction": 0.97,
          "RadionuclideTotalDose": 0.0,
          "Radiopharmaceutical": "Fluorodeoxyglucose",
          "RadiopharmaceuticalStartTime": "121731.000000",
          "RadiopharmaceuticalVolume": 0.0}
],
      "RandomsCorrectionMethod": "DLYD",
      "ReconstructionMethod": "OP-OSEM3i21s",
      "RequestAttributesSequence": [
        {
          "RequestedProcedureID": "MMH001",
          "ScheduledProcedureStepDescription": "MR-PET Scan",
          "ScheduledProcedureStepID": "001"}
],
      "RescaleIntercept": 0.0,
      "RescaleSlope": 0.06616412854396,
      "RescaleType": "US",
      "Rows": 344,
      "SamplesPerPixel": 1,
      "ScatterFractionFactor": 0.0,
      "SeriesDescription": "Head_MRAC PET UTE_NAC Images",
      "SeriesNumber": 31,
      "SeriesTime": "102017.000000",
      "SeriesType": [
        "WHOLE BODY",
        "IMAGE"
],
      "SliceThickness": 2.03125,
      "SmallestImagePixelValue": 0,
      "SoftwareVersions": "syngo MR B20P",
      "SpecificCharacterSet": "ISO_IR 100",
      "StudyID": "MMH001",
      "StudyTime": "100055.370000",
      "TimeOfLastCalibration": "090727.000000",
      "Units": "PROPCPS",
      "WindowCenterWidthExplanation": "Algo1"
    },
